GEM
  remote: https://rubygems.org/
  specs:
    actioncable (7.0.4)
      actionpack (= 7.0.4)
      nio4r (~> 2.0)
      websocket-driver (>= 0.6.1)
    actionmailbox (7.0.4)
      actionpack (= 7.0.4)
      activejob (= 7.0.4)
      mail (>= 2.7.1)
    actionmailer (7.0.4)
      actionpack (= 7.0.4)
      actionview (= 7.0.4)
      activejob (= 7.0.4)
      mail (~> 2.5, >= 2.5.4)
      rails-dom-testing (~> 2.0)
    actionpack (7.0.4)
      activesupport (= 7.0.4)
      rack (~> 2.2, >= 2.2.3)
      rack-test (>= 0.6.3)
      rails-dom-testing (~> 2.0)
      rails-html-sanitizer (~> 1.3, >= 1.3.0)
    actiontext (7.0.4)
      actionpack (= 7.0.4)
      activerecord (= 7.0.4)
      activestorage (= 7.0.4)
      rails-dom-testing (~> 2.0)
      rails-html-sanitizer (~> 1.3, >= 1.3.0)
    actionview (7.0.4)
      activesupport (= 7.0.4)
      builder (~> 3.1)
      erubi (~> 1.9)
      rails-dom-testing (~> 2.0)
      rails-html-sanitizer (~> 1.3, >= 1.3.0)
active_model_serializers (0.10.12)
      activemodel (>= 4.0)
      actionpack (>= 4.0)
      activesupport (>= 4.0)
      jsonapi-renderer (~> 0.2)
      jbuilder (>= 2.0)
      multi_json (>= 1.10)
    activejob (7.0.4)
      activesupport (= 7.0.4)
      globalid (>= 0.3.6)
    activemodel (7.0.4)
      activesupport (= 7.0.4)
    activerecord (7.0.4)
      activemodel (= 7.0.4)
      activesupport (= 7.0.4)
      arel (~> 9.0)
    activerecord-import (1.3.0)
      activerecord (>= 5.0)
    activesupport (7.0.4)
      concurrent-ruby (~> 1.0, >= 1.0.2)
      i18n (>= 1.6, < 2)
      minitest (>= 5.1)
      tzinfo (~> 2.0)
    addressable (2.8.0)
      public_suffix (>= 2.0.2, < 5.0)
    ansi (1.5.0)
    arel (9.0.0)
    ast (2.4.2)
    babel-source (5.8.35)
    babel-transpiler (0.7.0)
      babel-core (>= 5.0.0)
      babel-runtime (>= 5.0.0)
    babel-runtime (6.26.0)
    bindex (0.8.1)
    bootsnap (1.10.3)
      msgpack (~> 1.0)
    builder (3.2.4)
    byebug (11.1.3)
    capybara (3.36.0)
      addressable
      matrix
      mini_mime (>= 0.1.3)
      nokogiri (>= 1.8.5)
      rack (>= 1.6.0)
      rack-test (>= 0.6.3)
      regexp_parser (>= 1.5, < 3)
      xpath (~> 3.2)
    childprocess (4.1.0)
      ffi (~> 1.0, >= 1.0.11)
    coderay (1.1.3)
    concurrent-ruby (1.1.10)
    crass (1.0.6)
    csv (3.1.2)
    daemons (1.3.1)
    debug_inspector (1.0.2)
    devise (4.8.1)
      bcrypt (~> 3.0)
      orm_adapter (~> 0.1)
      railties (>= 4.2.0, < 7)
      responders
      warden (~> 1.2.3)
    diff-lcs (1.5.0)
    dotenv (2.7.6)
    erubi (1.10.0)
    execjs (2.8.1)
    ffi (1.15.5)
    ffi-yajl (2.1.0)
    globalid (0.4.2)
      activesupport (>= 4.2.0)
    i18n (1.12.0)
      concurrent-ruby (~> 1.0)
    jbuilder (2.11.5)
      activesupport (>= 4.2.0)
      multi_json (>= 1.2)
    jquery-rails (4.5.1)
      rails-dom-testing (>= 1, < 3)
      railties (>= 4.2.0)
      thor (>= 0.14, < 2.0)
    jquery-ui-rails (6.0.1)
      railties (>= 3.2.16)
    json (2.6.1)
    jsonapi-renderer (0.2.2)
      activesupport (>= 5.2.0)
      builder (>= 3.1)
      json (>= 2.1)
      nokogiri (>= 1.8)
    jwt (2.3.0)
    method_source (1.0.0)
    mini_mime (1.1.2)
    mini_portile2 (2.8.0)
    minitest (5.16.3)
    msgpack (1.5.4)
    multi_json (1.15.0)
    nio4r (2.5.8)
    nokogiri (1.13.6)
      mini_portile2 (~> 2.8.0)
    public_suffix (5.0.1)
    puma (5.6.4)
      nio4r (~> 2.0)
    rack (2.2.3)
    rack-mini-profiler (2.3.1)
      rack (>= 1.0.0)
    rack-test (1.1.0)
      rack (>= 1.0.0)
    rails (7.0.4)
      actioncable (= 7.0.4)
      actionmailbox (= 7.0.4)
      actionmailer (= 7.0.4)
      actionpack (= 7.0.4)
      actiontext (= 7.0.4)
      actionview (= 7.0.4)
      activejob (= 7.0.4)
      activemodel (= 7.0.4)
      activerecord (= 7.0.4)
      activestorage (= 7.0.4)
      activesupport (= 7.0.4)
      bundler (>= 1.15.0)
      railties (= 7.0.4)
      sprockets-rails (>= 2.0.0)
    rails-dom-testing (2.0.3)
      activesupport (>= 4.2.0)
      nokogiri (>= 1.6)
    rails-html-sanitizer (1.4.2)
      loofah (~> 2.3)
    railties (7.0.4)
      actionpack (= 7.0.4)
      activesupport (= 7.0.4)
      method_source
      rake (>= 12.0)
      thor (~> 1.0)
    rake (13.0.6)
    ransack (2.5.1)
      activerecord (>= 5.2.0)
      activesupport (>= 5.2.0)
    react-rails (2.8.0)
      railties (>= 5.0.0)
    react_on_rails (12.4.1)
      react-rails (>= 2.4.0)
    rspec-core (5.10.1)
      rspec-support (~> 5.1)
    rspec-expectations (5.10.1)
      diff-lcs (>= 1.2.0, < 2.0)
      rspec-support (~> 5.1)
    rspec-mocks (5.10.1)
      rspec-support (~> 5.1)
    rspec-rails (5.10.1)
      actionpack (>= 5.0)
      activesupport (>= 5.0)
      railties (>= 5.0)
      rspec-core (~> 5.10.0)
      rspec-expectations (~> 5.10.0)
      rspec-mocks (~> 5.10.0)
      rspec-support (~> 5.10.0)
    rspec-support (5.10.1)
    rubyzip (2.3.2)
    sass-rails (6.0.0)
      sassc-rails (~> 2.1)
    sassc (2.4.0)
      ffi (~> 1.9)
    sassc-rails (2.1.2)
      railties (>= 4.0.0)
      sassc (>= 2.0)
      sprockets (> 3.0)
      sprockets-rails
    selenium-webdriver (4.1.0)
      childprocess (>= 0.5, < 4.0)
      rubyzip (>= 1.2.2)
    spring (2.1.1)
      activesupport (>= 4.2)
    spring-watcher-listen (2.0.1)
      listen (>= 2.7, < 4.0)
      spring (>= 1.2, < 3.0)
    sprockets (4.0.2)
      concurrent-ruby (~> 1.0)
      rack (> 1, < 3)
    sprockets-rails (3.4.2)
      actionpack (>= 4.0)
      activesupport (>= 4.0)
      sprockets (>= 3.0.0)
    stimulus (1.0.1)
      sassc-rails (>= 6)
    thor (1.2.1)
    turbo-rails (1.0.1)
      actionpack (>= 6.0.0)
      turbolinks (~> 5.2)
    turbolinks (5.2.1)
      turbolinks-source (~> 5.2)
    turbolinks-source (5.2.0)
    tzinfo (2.0.4)
      concurrent-ruby (~> 1.0)
    uglifier (4.2.0)
      execjs (>= 0.3.0, < 3)
    web-console (4.1.0)
      actionpack (>= 4.2)
      activesupport (>= 4.2)
      railties (>= 4.2)
    webdrivers (5.0.0)
      nokogiri (~> 1.6)
      rubyzip (>= 1.3.0)
    webpacker (5.4.3)
      activesupport (>= 5.2)
      rack-proxy (>= 0.6.1)
      railties (>= 5.2)
      webpacker-config (>= 1.0.0)
    webpacker-config (3.0.0)
    warden (1.2.9)
      rack (>= 2.0.6)
    webpacker-dev-server-proxy (0.2.0)
      railties (>= 5.2)
    websocket-driver (0.7.5)
      websocket-extensions (>= 0.1.0)
    websocket-extensions (0.1.5)

PLATFORMS
  x86_64-darwin-21
  x86_64-linux

DEPENDENCIES
  active_model_serializers
  bootsnap (>= 1.4.4)
  byebug (platforms: [:mri, :mingw, :x64_mingw])
  capybara (>= 3.26)
  devise
  dotenv-rails
  factory_bot_rails
  faker
  jbuilder (~> 2.11)
  jquery-rails
  jquery-ui-rails
  jsonapi-renderer (~> 0.2)
  jwt
  letter_opener
  puma (~> 5.0)
  rails (~> 7.0.4)
  rspec-rails (~> 5.0)
  sass-rails
  selenium-webdriver
  spring
  spring-watcher-listen (~> 2.0)
  stimulus
  turbo-rails (~> 1.0)
 uglifier (>= 1.3.0)

BUNDLED WITH
   2.2.27
